GEM
  remote: https://rubygems.org/
  specs:
    colored (1.2)
    diff_match_patch_native (1.0.2)
      rice (>= 1.4.2)
    gsl (2.1.0.1)
    mini_portile2 (2.1.0)
    nokogiri (1.7.1)
      mini_portile2 (~> 2.1.0)
    rake (0.9.2.2)
    rice (2.1.1)
    ruby-progressbar (1.0.1)
    tf-idf-similarity (0.0.2)
      unicode_utils
    unicode_utils (1.3.0)

PLATFORMS
  ruby

DEPENDENCIES
  colored
  diff_match_patch_native
  gsl
  nokogiri
  rake
  ruby-progressbar
  tf-idf-similarity
  unicode_utils

BUNDLED WITH
   1.11.2
