GEM
  remote: https://rubygems.org/
  specs:
    colored (1.2)
    diff_match_patch_native (1.0.2)
      rice (>= 1.4.2)
    gsl (1.14.7)
      narray (>= 0.5.9)
    narray (0.6.0.1)
    nokogiri (1.5.5)
    rake (0.9.2.2)
    rice (1.4.3)
    ruby-progressbar (1.0.0)
    tf-idf-similarity (0.0.1)
      unicode_utils
    unicode_utils (1.3.0)

PLATFORMS
  ruby

DEPENDENCIES
  colored
  diff_match_patch_native
  gsl
  nokogiri
  rake
  ruby-progressbar
  tf-idf-similarity
  unicode_utils
