GEM
  remote: https://rubygems.org/
  specs:
    nokogiri (1.5.5)
    unicode_utils (1.3.0)

PLATFORMS
  ruby

DEPENDENCIES
  nokogiri
  unicode_utils
